PATH
  remote: .
  specs:
    dokku-installer-cli (0.0.3)
      thor (~> 0.19)

GEM
  remote: https://rubygems.org/
  specs:
    thor (0.19.1)

PLATFORMS
  ruby

DEPENDENCIES
  dokku-installer-cli!
